GEM
  remote: https://rubygems.org/
  specs:
    bundler-audit (0.9.1)
      bundler (>= 1.2.0, < 3)
      thor (~> 1.0)
    chef-utils (18.0.161)
      concurrent-ruby
    concurrent-ruby (1.1.10)
    exifr (1.3.10)
    fspath (3.1.2)
    image_optim (0.31.3)
      exifr (~> 1.2, >= 1.2.2)
      fspath (~> 3.0)
      image_size (>= 1.5, < 4)
      in_threads (~> 1.3)
      progress (~> 3.0, >= 3.0.1)
    image_size (3.2.0)
    in_threads (1.6.0)
    kramdown (2.4.0)
      rexml
    kramdown-parser-gfm (1.1.0)
      kramdown (~> 2.0)
    mdl (0.12.0)
      kramdown (~> 2.3)
      kramdown-parser-gfm (~> 1.1)
      mixlib-cli (~> 2.1, >= 2.1.1)
      mixlib-config (>= 2.2.1, < 4)
      mixlib-shellout
    mixlib-cli (2.1.8)
    mixlib-config (3.0.27)
      tomlrb
    mixlib-shellout (3.2.7)
      chef-utils
    progress (3.6.0)
    rexml (3.3.3)
      strscan
    strscan (3.1.0)
    thor (1.2.1)
    tomlrb (2.0.3)

PLATFORMS
  ruby

DEPENDENCIES
  bundler
  bundler-audit
  image_optim
  mdl

BUNDLED WITH
   2.2.15
