GEM
  remote: https://rubygems.org/
  specs:
    bundler-audit (0.8.0)
      bundler (>= 1.2.0, < 3)
      thor (~> 1.0)
    chef-utils (16.11.7)
    childprocess (4.0.0)
    exifr (1.3.9)
    fspath (3.1.2)
    image_optim (0.29.0)
      exifr (~> 1.2, >= 1.2.2)
      fspath (~> 3.0)
      image_size (>= 1.5, < 3)
      in_threads (~> 1.3)
      progress (~> 3.0, >= 3.0.1)
    image_size (2.1.0)
    in_threads (1.5.4)
    iniparse (1.5.0)
    kramdown (2.3.1)
      rexml
    kramdown-parser-gfm (1.1.0)
      kramdown (~> 2.0)
    mdl (0.11.0)
      kramdown (~> 2.3)
      kramdown-parser-gfm (~> 1.1)
      mixlib-cli (~> 2.1, >= 2.1.1)
      mixlib-config (>= 2.2.1, < 4)
      mixlib-shellout
    mixlib-cli (2.1.8)
    mixlib-config (3.0.9)
      tomlrb
    mixlib-shellout (3.2.5)
      chef-utils
    overcommit (0.57.0)
      childprocess (>= 0.6.3, < 5)
      iniparse (~> 1.4)
    progress (3.6.0)
    rexml (3.2.5)
    thor (1.1.0)
    tomlrb (2.0.1)

PLATFORMS
  ruby

DEPENDENCIES
  bundler
  bundler-audit
  image_optim
  mdl
  overcommit

BUNDLED WITH
   2.2.15
